PATH
  remote: .
  specs:
    neurohmmerapp (0.0.1)
      bio (~> 1.4)
      neurohmmer (~> 0.1)
      sinatra (~> 1.4)
      sinatra-cross_origin (~> 0.3)
      slim (~> 3.0)
      slop (~> 3.6)

GEM
  remote: https://rubygems.org/
  specs:
    bio (1.5.0)
    bio-hmmer3_report (0.1.0)
      bio-logger (~> 1.0)
    bio-logger (1.0.1)
      log4r (>= 1.1.9)
    capybara (2.5.0)
      mime-types (>= 1.16)
      nokogiri (>= 1.3.3)
      rack (>= 1.0.0)
      rack-test (>= 0.5.4)
      xpath (~> 2.0)
    diff-lcs (1.2.5)
    json (1.8.3)
    log4r (1.1.10)
    mime-types (2.6.2)
    mini_portile (0.6.2)
    neurohmmer (0.1.0)
      bio
      bio-hmmer3_report
      slim (~> 3.0)
    nokogiri (1.6.6.2)
      mini_portile (~> 0.6.0)
    rack (1.6.4)
    rack-protection (1.5.3)
      rack
    rack-test (0.6.3)
      rack (>= 1.0)
    rake (10.4.2)
    rspec (2.99.0)
      rspec-core (~> 2.99.0)
      rspec-expectations (~> 2.99.0)
      rspec-mocks (~> 2.99.0)
    rspec-core (2.99.2)
    rspec-expectations (2.99.2)
      diff-lcs (>= 1.1.3, < 2.0)
    rspec-mocks (2.99.4)
    sinatra (1.4.6)
      rack (~> 1.4)
      rack-protection (~> 1.4)
      tilt (>= 1.3, < 3)
    sinatra-cross_origin (0.3.2)
    slim (3.0.6)
      temple (~> 0.7.3)
      tilt (>= 1.3.3, < 2.1)
    slop (3.6.0)
    temple (0.7.6)
    tilt (2.0.1)
    w3c_validators (1.2)
      json
      nokogiri
    xpath (2.0.0)
      nokogiri (~> 1.3)

PLATFORMS
  ruby

DEPENDENCIES
  bundler (~> 1.6)
  capybara (~> 2.4, >= 2.4.4)
  neurohmmerapp!
  rack-test (~> 0.6)
  rake (~> 10.3)
  rspec (~> 2.8, >= 2.8.0)
  w3c_validators (~> 1.1)

BUNDLED WITH
   1.10.5
